REDIRECTS: ON
NUGET
  remote: http://www.nuget.org/api/v2
  specs:
    CommandLineParser (1.9.71)
    FAKE (4.11.3)
    FSharp.Compiler.Service (1.4.2)
    FSharp.Core (4.0.0.1)
    FSharpVSPowerTools.Core (2.2.0)
      FSharp.Compiler.Service (>= 1.4.2.0)
    ILRepack (2.0.9)
    IronPython (2.7.5)
    Microsoft.AspNet.Razor (3.2.3)
    NuGet.CommandLine (3.3.0)
    NUnit (2.6.4)
    NUnit.Runners (2.6.4)
    RazorEngine (3.7.6)
      Microsoft.AspNet.Razor (>= 3.0.0) - framework: >= net45
      Microsoft.AspNet.Razor (2.0.30506) - framework: net40
GITHUB
  remote: matthid/Yaaf.FSharp.Scripting
  specs:
    src/source/Yaaf.FSharp.Scripting/YaafFSharpScripting.fs (34b163a2e9b8d81dde07c36cb6775c5bd9216bb6)